GEM
  remote: http://rubygems.org/
  specs:
    listen (0.7.0)
    rb-fsevent (0.9.2)
    sass (3.2.4)

PLATFORMS
  ruby

DEPENDENCIES
  listen
  rb-fsevent (~> 0.9.1)
  sass
